GEM
  remote: https://rubygems.org/
  specs:
    aruba (0.5.3)
      childprocess (>= 0.3.6)
      cucumber (>= 1.1.1)
      rspec-expectations (>= 2.7.0)
    builder (3.2.2)
    childprocess (0.3.9)
      ffi (~> 1.0, >= 1.0.11)
    cucumber (1.3.10)
      builder (>= 2.1.2)
      diff-lcs (>= 1.1.3)
      gherkin (~> 2.12)
      multi_json (>= 1.7.5, < 2.0)
      multi_test (>= 0.0.2)
    diff-lcs (1.2.5)
    facter (1.7.3)
    ffi (1.9.3)
    ffi (1.9.3-java)
    gherkin (2.12.2)
      multi_json (~> 1.3)
    gherkin (2.12.2-java)
      multi_json (~> 1.3)
    hiera (1.2.1)
      json_pure
    hiera-eyaml-plaintext (0.5)
    highline (1.6.20)
    json_pure (1.8.1)
    multi_json (1.8.2)
    multi_test (0.0.2)
    puppet (3.3.2)
      facter (~> 1.6)
      hiera (~> 1.0)
      rgen (~> 0.6.5)
    rake (10.1.0)
    rgen (0.6.6)
    rspec-expectations (2.14.4)
      diff-lcs (>= 1.1.3, < 2.0)
    trollop (2.0)

PLATFORMS
  java
  ruby

DEPENDENCIES
  aruba
  hiera-eyaml-plaintext
  highline
  puppet
  rake
  trollop
